GEM
  remote: http://rubygems.org/
  specs:
    activesupport (3.0.1)
    addressable (2.2.2)
    builder (2.1.2)
    curb (0.7.8)
    em-http-request (0.2.14)
      addressable (>= 2.0.0)
      eventmachine (>= 0.12.9)
    eventmachine (0.12.10)
    feedzirra (0.0.24)
      activesupport (>= 2.3.8)
      builder (>= 2.1.2)
      curb (>= 0.2.3)
      loofah (>= 0.3.1)
      nokogiri (> 0.0.0)
      sax-machine (>= 0.0.12)
    loofah (1.0.0)
      nokogiri (>= 1.3.3)
    nokogiri (1.4.3.1)
    sax-machine (0.0.15)
      nokogiri (> 0.0.0)

PLATFORMS
  ruby

DEPENDENCIES
  em-http-request
  eventmachine
  feedzirra
